GEM
  remote: https://rubygems.org/
  specs:
    addressable (2.5.2)
      public_suffix (>= 2.0.2, < 4.0)
    faraday (0.15.3)
      multipart-post (>= 1.2, < 3)
    launchy (2.4.3)
      addressable (~> 2.3)
    mail (2.7.0)
      mini_mime (>= 0.1.1)
    mini_mime (1.0.1)
    multipart-post (2.0.0)
    pg (1.1.3)
    public_suffix (3.0.3)

PLATFORMS
  ruby

DEPENDENCIES
  faraday
  launchy
  mail
  pg

BUNDLED WITH
   1.16.6
